GEM
  remote: https://rubygems.org/
  specs:
    arrayfields (4.9.0)
    chronic (0.9.1)
    fattr (2.2.1)
    git (1.2.5)
    main (5.2.0)
      arrayfields (>= 4.7.4)
      chronic (>= 0.6.2)
      fattr (>= 2.2.0)
      map (>= 5.1.0)
    map (6.4.0)

PLATFORMS
  ruby

DEPENDENCIES
  git
  main
