GEM
  remote: https://rubygems.org/
  specs:
    arrayfields (4.9.0)
    chronic (0.9.1)
    fattr (2.2.1)
    git (1.2.5)
    httparty (0.12.0)
      json (~> 1.8)
      multi_xml (>= 0.5.2)
    json (1.8.1)
    lastpass (1.0.1)
      httparty (~> 0.12.0)
      pbkdf2-ruby (~> 0.2.0)
    main (5.2.0)
      arrayfields (>= 4.7.4)
      chronic (>= 0.6.2)
      fattr (>= 2.2.0)
      map (>= 5.1.0)
    map (6.4.0)
    multi_xml (0.5.5)
    pbkdf2-ruby (0.2.0)

PLATFORMS
  ruby

DEPENDENCIES
  git
  lastpass
  main
