GEM
  remote: https://rubygems.org/
  specs:
    daemon-kit (0.3.2)
      eventmachine (>= 0.12.10)
      thor
    diff-lcs (1.2.5)
    eventmachine (1.0.7)
    rake (10.3.2)
    rspec (3.0.0)
      rspec-core (~> 3.0.0)
      rspec-expectations (~> 3.0.0)
      rspec-mocks (~> 3.0.0)
    rspec-core (3.0.4)
      rspec-support (~> 3.0.0)
    rspec-expectations (3.0.4)
      diff-lcs (>= 1.2.0, < 2.0)
      rspec-support (~> 3.0.0)
    rspec-mocks (3.0.4)
      rspec-support (~> 3.0.0)
    rspec-support (3.0.4)
    safely (0.3.2)
    thor (0.19.1)

PLATFORMS
  ruby

DEPENDENCIES
  daemon-kit
  rake
  rspec
  safely
